GEM
  remote: https://rubygems.org/
  specs:
    addressable (2.5.2)
      public_suffix (>= 2.0.2, < 4.0)
    airbrake (4.2.1)
      builder
      multi_json
    aws-sdk (2.1.0)
      aws-sdk-resources (= 2.1.0)
    aws-sdk-core (2.1.0)
      jmespath (~> 1.0)
    aws-sdk-resources (2.1.0)
      aws-sdk-core (= 2.1.0)
    builder (3.2.2)
    codeclimate-test-reporter (0.4.7)
      simplecov (>= 0.7.1, < 1.0.0)
    coderay (1.1.0)
    crack (0.4.2)
      safe_yaml (~> 1.0.0)
    diff-lcs (1.2.5)
    docile (1.1.5)
    domainatrix (0.0.11)
      addressable
    dotenv (2.0.1)
    faraday (0.9.2)
      multipart-post (>= 1.2, < 3)
    faraday_middleware (0.9.1)
      faraday (>= 0.7.4, < 0.10)
    foursquare2 (2.0.2)
      faraday (~> 0.8)
      faraday_middleware (>= 0.8)
      hashie (>= 1.0, < 4.0.0)
    hashie (3.4.2)
    httpclient (2.4.0)
    icalendar (2.3.0)
    instagram (1.1.5)
      faraday (>= 0.7, < 0.10)
      faraday_middleware (>= 0.8, < 0.10)
      hashie (>= 0.4.0)
      multi_json (~> 1.0, >= 1.0.3)
    jmespath (1.0.2)
      multi_json (~> 1.0)
    json (1.8.3)
    json-minify (0.0.2)
      json (> 0)
    kgio (2.9.3)
    koala (3.0.0)
      addressable
      faraday
      json (>= 1.8)
    mail (2.6.3)
      mime-types (>= 1.16, < 3)
    method_source (0.8.2)
    mime-types (2.6.1)
    mini_portile (0.6.2)
    multi_json (1.11.1)
    multipart-post (2.0.0)
    nationbuilder-rb (1.3.2)
      httpclient (~> 2.4.0)
    nokogiri (1.6.6.2)
      mini_portile (~> 0.6.0)
    pg (0.18.2)
    phone_wrangler (0.1.3)
    pony (1.11)
      mail (>= 2.0)
    pry (0.10.1)
      coderay (~> 1.1.0)
      method_source (~> 0.8.1)
      slop (~> 3.4)
    public_suffix (3.0.1)
    rack (1.6.1)
    rack-protection (1.5.3)
      rack
    rack-test (0.6.3)
      rack (>= 1.0)
    raindrops (0.13.0)
    rake (10.4.2)
    rgeo (0.3.20)
    rgeo-geojson (0.3.1)
      rgeo (~> 0.3)
    rspec (3.3.0)
      rspec-core (~> 3.3.0)
      rspec-expectations (~> 3.3.0)
      rspec-mocks (~> 3.3.0)
    rspec-core (3.3.0)
      rspec-support (~> 3.3.0)
    rspec-expectations (3.3.0)
      diff-lcs (>= 1.2.0, < 2.0)
      rspec-support (~> 3.3.0)
    rspec-mocks (3.3.0)
      diff-lcs (>= 1.2.0, < 2.0)
      rspec-support (~> 3.3.0)
    rspec-support (3.3.0)
    rubyzip (1.1.7)
    safe_yaml (1.0.4)
    sequel (4.23.0)
    simplecov (0.10.0)
      docile (~> 1.1.0)
      json (~> 1.8)
      simplecov-html (~> 0.10.0)
    simplecov-html (0.10.0)
    sinatra (1.4.6)
      rack (~> 1.4)
      rack-protection (~> 1.4)
      tilt (>= 1.3, < 3)
    slop (3.6.0)
    smarter_csv (1.0.19)
    sqlite3 (1.3.10)
    tilt (2.0.1)
    unicorn (4.9.0)
      kgio (~> 2.6)
      rack
      raindrops (~> 0.7)
    vcr (2.9.3)
    webmock (1.21.0)
      addressable (>= 2.3.6)
      crack (>= 0.3.2)

PLATFORMS
  ruby

DEPENDENCIES
  airbrake
  aws-sdk
  codeclimate-test-reporter
  domainatrix
  dotenv
  faraday
  foursquare2
  icalendar
  instagram
  json-minify
  koala
  nationbuilder-rb
  nokogiri
  pg
  phone_wrangler
  pony
  pry
  rack-test
  rake
  rgeo-geojson
  rspec
  rubyzip
  sequel
  simplecov
  sinatra
  smarter_csv
  sqlite3
  unicorn
  vcr
  webmock

RUBY VERSION
   ruby 2.1.4p265

BUNDLED WITH
   1.14.6
